PATH
  remote: .
  specs:
    sparkle_motion (0.2.0)
      curb (~> 0.8.8)
      frisky (~> 0.1.1)
      logger-better (~> 0.2.1)
      oj (~> 2.12.13)
      perlin_noise (~> 0.1.2)
      surface_master (~> 0.6.0)

GEM
  remote: https://rubygems.org/
  specs:
    ast (2.1.0)
    astrolabe (1.3.1)
      parser (~> 2.2)
    bundler-audit (0.4.0)
      bundler (~> 1.2)
      thor (~> 0.18)
    chunky_png (1.3.4)
    coderay (1.1.0)
    curb (0.8.8)
    em-synchrony (1.0.4)
      eventmachine (>= 1.0.0.beta.1)
    eventmachine (1.0.8)
    ffi (1.9.10)
    frisky (0.1.2)
      em-synchrony
      eventmachine (>= 1.0.0)
      log_switch (~> 1.0.0)
    log_switch (1.0.0)
    logger-better (0.2.1)
    memory_profiler (0.9.4)
    method_source (0.8.2)
    oily_png (1.2.0)
      chunky_png (~> 1.3.1)
    oj (2.12.14)
    parser (2.2.2.6)
      ast (>= 1.1, < 3.0)
    perlin_noise (0.1.2)
    portmidi (0.0.6)
    powerpack (0.1.1)
    pry (0.10.2)
      coderay (~> 1.1.0)
      method_source (~> 0.8.1)
      slop (~> 3.4)
    rainbow (2.0.0)
    rake (10.4.2)
    required_arg (1.0.0)
    rgb (0.1.0)
    rubocop (0.34.2)
      astrolabe (~> 1.3)
      parser (>= 2.2.2.5, < 3.0)
      powerpack (~> 0.1)
      rainbow (>= 1.99.1, < 3.0)
      ruby-progressbar (~> 1.4)
    ruby-graphviz (1.2.2)
    ruby-prof (0.15.8)
    ruby-progressbar (1.7.5)
    slop (3.6.0)
    surface_master (0.6.0)
      ffi
      portmidi (>= 0.0.6)
    thor (0.19.1)
    todo_lint (0.2.3)
      rainbow (~> 2.0.0)
      required_arg (~> 1.0)

PLATFORMS
  ruby

DEPENDENCIES
  bundler-audit
  chunky_png
  memory_profiler
  oily_png
  pry
  rake
  rgb
  rubocop
  ruby-graphviz
  ruby-prof
  sparkle_motion!
  todo_lint

BUNDLED WITH
   1.10.6
